PATH
  remote: .
  specs:
    cassandra-web (0.1.0)
      cassandra-driver (= 1.0.0.beta.1)
      rack-cors (= 0.2.9)
      rack-parser (= 0.6.0)
      sinatra (= 1.4.5)
      thin (= 1.6.2)

GEM
  remote: https://rubygems.org/
  specs:
    cassandra-driver (1.0.0.beta.1)
      ione (~> 1.0)
    daemons (1.1.9)
    eventmachine (1.0.3)
    ione (1.1.4)
    rack (1.5.2)
    rack-cors (0.2.9)
    rack-parser (0.6.0)
      rack
    rack-protection (1.5.3)
      rack
    rake (10.3.2)
    sinatra (1.4.5)
      rack (~> 1.4)
      rack-protection (~> 1.4)
      tilt (~> 1.3, >= 1.3.4)
    thin (1.6.2)
      daemons (>= 1.0.9)
      eventmachine (>= 1.0.0)
      rack (>= 1.0.0)
    tilt (1.4.1)

PLATFORMS
  ruby

DEPENDENCIES
  bundler (~> 1.6)
  cassandra-web!
  rake (~> 10.0)
